GEM
  remote: https://rubygems.org/
  specs:
    rack (1.6.4)

PLATFORMS
  ruby

DEPENDENCIES
  rack

RUBY VERSION
   ruby 3.2.0p0

BUNDLED WITH
   2.4.1
